PATH
  remote: .
  specs:
    markdown-it-html5-embed (1.1.0)

GEM
  remote: https://rubygems.org/
  specs:
    rake (12.3.3)

PLATFORMS
  x86_64-linux

DEPENDENCIES
  bundler (>= 1.16)
  markdown-it-html5-embed!
  rake (>= 12)

BUNDLED WITH
   2.4.6
